PATH
  remote: .
  specs:
    sinatra-tiny_auth (0.1)
      activesupport (>= 2.3)
      bcrypt-ruby (> 0)
      haml (~> 3.0)
      sinatra (~> 1.0)
      thor (> 0)

GEM
  remote: http://rubygems.org/
  specs:
    activesupport (3.0.3)
    awesome_print (0.3.1)
    bcrypt-ruby (2.1.2)
    chalofa_ruby-progressbar (0.0.9.1)
    diff-lcs (1.1.2)
    fuubar (0.0.4)
      chalofa_ruby-progressbar (~> 0.0.9)
      rspec (~> 2.0)
      rspec-instafail (~> 0.1.4)
    haml (3.0.24)
    rack (1.2.1)
    rack-test (0.5.6)
      rack (>= 1.0)
    rspec (2.2.0)
      rspec-core (~> 2.2)
      rspec-expectations (~> 2.2)
      rspec-mocks (~> 2.2)
    rspec-core (2.2.1)
    rspec-expectations (2.2.0)
      diff-lcs (~> 1.1.2)
    rspec-instafail (0.1.7)
    rspec-mocks (2.2.0)
    sinatra (1.1.0)
      rack (~> 1.1)
      tilt (~> 1.1)
    thor (0.14.6)
    tilt (1.1)

PLATFORMS
  ruby

DEPENDENCIES
  awesome_print (> 0)
  bundler (>= 1.0.0)
  fuubar (> 0)
  rack-test (> 0)
  rspec (~> 2)
  sinatra-tiny_auth!
