PATH
  remote: .
  specs:
    sinatra-tiny_auth (0.1)
      activesupport (>= 2.3)
      bcrypt-ruby (> 0)
      haml (~> 3.0)
      sinatra (~> 1.0)
      thor (> 0)

GEM
  remote: http://rubygems.org/
  specs:
    activesupport (3.0.7)
    awesome_print (0.3.2)
    bcrypt-ruby (2.1.4)
    diff-lcs (1.1.2)
    haml (3.0.25)
    rack (1.2.2)
    rack-test (0.5.7)
      rack (>= 1.0)
    rspec (2.5.0)
      rspec-core (~> 2.5.0)
      rspec-expectations (~> 2.5.0)
      rspec-mocks (~> 2.5.0)
    rspec-core (2.5.1)
    rspec-expectations (2.5.0)
      diff-lcs (~> 1.1.2)
    rspec-mocks (2.5.0)
    sinatra (1.2.3)
      rack (~> 1.1)
      tilt (>= 1.2.2, < 2.0)
    thor (0.14.6)
    tilt (1.2.2)

PLATFORMS
  ruby

DEPENDENCIES
  awesome_print (> 0)
  bundler (>= 1.0.0)
  rack-test (> 0)
  rspec (~> 2)
  sinatra-tiny_auth!
