PATH
  remote: .
  specs:
    sinatra-tiny_auth (0.1)
      activesupport (>= 2.3)
      bcrypt-ruby (> 0)
      haml (~> 3.0)
      rake (> 0)
      sinatra (~> 1.0)

GEM
  remote: http://rubygems.org/
  specs:
    activesupport (3.2.1)
      i18n (~> 0.6)
      multi_json (~> 1.0)
    awesome_print (0.3.1)
    bcrypt-ruby (3.0.1)
    diff-lcs (1.1.3)
    haml (3.0.24)
    i18n (0.6.0)
    multi_json (1.1.0)
    rack (1.2.1)
    rack-test (0.5.6)
      rack (>= 1.0)
    rake (0.9.2.2)
    rspec (2.8.0)
      rspec-core (~> 2.8.0)
      rspec-expectations (~> 2.8.0)
      rspec-mocks (~> 2.8.0)
    rspec-core (2.8.0)
    rspec-expectations (2.8.0)
      diff-lcs (~> 1.1.2)
    rspec-mocks (2.8.0)
    sinatra (1.1.0)
      rack (~> 1.1)
      tilt (~> 1.1)
    tilt (1.3.3)

PLATFORMS
  ruby

DEPENDENCIES
  awesome_print (> 0)
  bundler (>= 1.0.0)
  rack-test (> 0)
  rspec (~> 2.8)
  sinatra-tiny_auth!
